PATH
  remote: /Users/steven/Sites/_projects/oa-casport
  specs:
    oa-casport (0.2.6)
      httparty
      oa-core
      redis

GEM
  remote: http://rubygems.org/
  specs:
    awesome_print (0.4.0)
    crack (0.1.8)
    httparty (0.7.8)
      crack (= 0.1.8)
    oa-core (0.2.6)
    rack (1.3.0)
    redis (2.2.1)
    sinatra (1.2.6)
      rack (~> 1.1)
      tilt (< 2.0, >= 1.2.2)
    tilt (1.3.2)

PLATFORMS
  ruby

DEPENDENCIES
  awesome_print
  oa-casport!
  oa-core
  sinatra
