PATH
  remote: /home/steven/sites/oa-casport
  specs:
    oa-casport (0.2.6)

GEM
  remote: http://rubygems.org/
  specs:
    awesome_print (0.4.0)
    rack (1.3.0)
    sinatra (1.2.6)
      rack (~> 1.1)
      tilt (< 2.0, >= 1.2.2)
    tilt (1.3.2)

PLATFORMS
  ruby

DEPENDENCIES
  awesome_print
  oa-casport!
  sinatra
